GIT
  remote: https://github.com/tmtmtmtm/every-politician-scraper.git
  revision: 1d7643baef17abc25f24bf75e1aa63d55544a48b
  specs:
    every-politician-scraper (0.0.10)
      daff (~> 1.3.0)
      scraped (~> 0.5)

GEM
  remote: https://rubygems.org/
  specs:
    ast (2.4.2)
    coderay (1.1.3)
    daff (1.3.27)
    field_serializer (0.3.0)
    kwalify (0.7.2)
    method_source (1.0.0)
    mini_portile2 (2.5.3)
    nokogiri (1.11.7)
      mini_portile2 (~> 2.5.0)
      racc (~> 1.4)
    open-uri-cached (0.0.5)
    parallel (1.20.1)
    parser (3.0.2.0)
      ast (~> 2.4.1)
    pry (0.14.1)
      coderay (~> 1.1)
      method_source (~> 1.0)
    psych (3.3.2)
    racc (1.5.2)
    rainbow (3.0.0)
    rake (13.0.6)
    reek (6.0.4)
      kwalify (~> 0.7.0)
      parser (~> 3.0.0)
      psych (~> 3.1)
      rainbow (>= 2.0, < 4.0)
    regexp_parser (2.1.1)
    require_all (3.0.0)
    rexml (3.2.5)
    rubocop (0.93.1)
      parallel (~> 1.10)
      parser (>= 2.7.1.5)
      rainbow (>= 2.2.2, < 4.0)
      regexp_parser (>= 1.8)
      rexml
      rubocop-ast (>= 0.6.0)
      ruby-progressbar (~> 1.7)
      unicode-display_width (>= 1.4.0, < 2.0)
    rubocop-ast (1.8.0)
      parser (>= 3.0.1.1)
    ruby-progressbar (1.11.0)
    scraped (0.5.0)
      field_serializer (>= 0.3.0)
      nokogiri
      require_all
    unicode-display_width (1.7.0)

PLATFORMS
  ruby

DEPENDENCIES
  every-politician-scraper (~> 0.0.9)!
  open-uri-cached
  pry
  rake
  reek (~> 6.0)
  rubocop (~> 0.89)

RUBY VERSION
   ruby 2.6.6p146

BUNDLED WITH
   1.17.2
