GIT
  remote: https://github.com/everypolitician/table_unspanner.git
  revision: 238e7f90a8ff00f155cd60b811a89fc79a45b4fc
  specs:
    table_unspanner (0.1.1)
      nokogiri

GIT
  remote: https://github.com/everypolitician/wikidata-fetcher.git
  revision: cb919d174cfcae94983380fe6b4a1e07874f7029
  specs:
    wikidata-fetcher (0.24.0)
      json
      mediawiki_api
      nokogiri
      require_all
      rest-client
      scraperwiki
      wikidata-client (~> 0.0.7)
      wikisnakker
      yajl-ruby

GIT
  remote: https://github.com/everypolitician/wikidata_ids_decorator.git
  revision: 17265d480df935631957a8188de38bdd42cbd29f
  specs:
    wikidata_ids_decorator (0.2.0)
      pry
      scraped
      wikidata-fetcher

GIT
  remote: https://github.com/tmtmtmtm/every-politician-scraper.git
  revision: 2a09c2d7604682cbd56b2a3b8eaadf3999efb4b4
  branch: main
  specs:
    every-politician-scraper (0.6.3)
      daff (~> 1.3.0)
      scraped (~> 0.5)

GEM
  remote: https://rubygems.org/
  specs:
    ast (2.4.2)
    coderay (1.1.3)
    daff (1.3.27)
    domain_name (0.5.20190701)
      unf (>= 0.0.5, < 1.0.0)
    excon (0.92.3)
    faraday (0.17.5)
      multipart-post (>= 1.2, < 3)
    faraday-cookie_jar (0.0.7)
      faraday (>= 0.8.0)
      http-cookie (~> 1.0.0)
    faraday_middleware (0.14.0)
      faraday (>= 0.7.4, < 1.0)
    field_serializer (0.3.0)
    hashie (3.6.0)
    http-accept (1.7.0)
    http-cookie (1.0.5)
      domain_name (~> 0.5)
    httpclient (2.8.3)
    json (2.6.2)
    kwalify (0.7.2)
    mediawiki_api (0.7.1)
      faraday (~> 0.9, >= 0.9.0)
      faraday-cookie_jar (~> 0.0, >= 0.0.6)
      faraday_middleware (~> 0.10, >= 0.10.0)
    method_source (1.0.0)
    mime-types (3.4.1)
      mime-types-data (~> 3.2015)
    mime-types-data (3.2022.0105)
    multipart-post (2.1.1)
    netrc (0.11.0)
    nokogiri (1.13.6-x86_64-darwin)
      racc (~> 1.4)
    nokogiri (1.13.6-x86_64-linux)
      racc (~> 1.4)
    open-uri-cached (1.0.0)
    parallel (1.22.1)
    parser (3.1.2.0)
      ast (~> 2.4.1)
    pry (0.14.1)
      coderay (~> 1.1)
      method_source (~> 1.0)
    racc (1.6.0)
    rainbow (3.1.1)
    rake (13.0.6)
    reek (6.1.1)
      kwalify (~> 0.7.0)
      parser (~> 3.1.0)
      rainbow (>= 2.0, < 4.0)
    regexp_parser (2.5.0)
    require_all (3.0.0)
    rest-client (2.1.0)
      http-accept (>= 1.7.0, < 2.0)
      http-cookie (>= 1.0.2, < 2.0)
      mime-types (>= 1.16, < 4.0)
      netrc (~> 0.8)
    rexml (3.2.5)
    rubocop (0.93.1)
      parallel (~> 1.10)
      parser (>= 2.7.1.5)
      rainbow (>= 2.2.2, < 4.0)
      regexp_parser (>= 1.8)
      rexml
      rubocop-ast (>= 0.6.0)
      ruby-progressbar (~> 1.7)
      unicode-display_width (>= 1.4.0, < 2.0)
    rubocop-ast (1.18.0)
      parser (>= 3.1.1.0)
    ruby-progressbar (1.11.0)
    scraped (0.5.0)
      field_serializer (>= 0.3.0)
      nokogiri
      require_all
    scraperwiki (3.0.2)
      httpclient
      sqlite_magic
    sqlite3 (1.4.2)
    sqlite_magic (0.0.6)
      sqlite3
    unf (0.1.4)
      unf_ext
    unf_ext (0.0.8.2)
    unicode-display_width (1.8.0)
    wikidata-client (0.0.12)
      excon (~> 0.40)
      faraday (~> 0.9)
      faraday_middleware (~> 0.9)
      hashie (~> 3.3)
    wikisnakker (0.9.1)
      require_all
      yajl-ruby
    yajl-ruby (1.4.3)

PLATFORMS
  x86_64-darwin-17
  x86_64-linux

DEPENDENCIES
  every-politician-scraper (= 0.6.3)!
  open-uri-cached
  pry
  rake
  reek (~> 6.0)
  rubocop (~> 0.89)
  table_unspanner!
  wikidata-fetcher (~> 0.21)!
  wikidata_ids_decorator!

RUBY VERSION
   ruby 2.6.6p146

BUNDLED WITH
   2.2.24
